PATH
  remote: .
  specs:
    schema_dot_org (1.8)
      validated_object (~> 2.2)

GEM
  remote: https://rubygems.org/
  specs:
    activemodel (7.0.8)
      activesupport (= 7.0.8)
    activesupport (7.0.8)
      concurrent-ruby (~> 1.0, >= 1.0.2)
      i18n (>= 1.6, < 2)
      minitest (>= 5.1)
      tzinfo (~> 2.0)
    concurrent-ruby (1.2.2)
    diff-lcs (1.5.0)
    i18n (1.14.1)
      concurrent-ruby (~> 1.0)
    minitest (5.20.0)
    rake (13.0.6)
    rspec (3.12.0)
      rspec-core (~> 3.12.0)
      rspec-expectations (~> 3.12.0)
      rspec-mocks (~> 3.12.0)
    rspec-core (3.12.2)
      rspec-support (~> 3.12.0)
    rspec-expectations (3.12.3)
      diff-lcs (>= 1.2.0, < 2.0)
      rspec-support (~> 3.12.0)
    rspec-mocks (3.12.6)
      diff-lcs (>= 1.2.0, < 2.0)
      rspec-support (~> 3.12.0)
    rspec-support (3.12.1)
    sorbet-runtime (0.5.11039)
    tzinfo (2.0.6)
      concurrent-ruby (~> 1.0)
    validated_object (2.2.0)
      activemodel (>= 3.2.21)
      sorbet-runtime (>= 0.5.5890)

PLATFORMS
  ruby

DEPENDENCIES
  bundler (~> 2)
  rake (>= 12.3.3)
  rspec (~> 3.0)
  schema_dot_org!

BUNDLED WITH
   2.4.19
