PATH
  remote: .
  specs:
    schema_dot_org (1.7.1)
      sorbet-runtime (>= 0.5.5890)
      validated_object (~> 2.2)

GEM
  remote: https://rubygems.org/
  specs:
    activemodel (7.0.4.2)
      activesupport (= 7.0.4.2)
    activesupport (7.0.4.2)
      concurrent-ruby (~> 1.0, >= 1.0.2)
      i18n (>= 1.6, < 2)
      minitest (>= 5.1)
      tzinfo (~> 2.0)
    ast (2.4.2)
    concurrent-ruby (1.2.0)
    diff-lcs (1.5.0)
    i18n (1.12.0)
      concurrent-ruby (~> 1.0)
    minitest (5.17.0)
    netrc (0.11.0)
    parallel (1.22.1)
    parser (3.2.0.0)
      ast (~> 2.4.1)
    rake (13.0.6)
    rbi (0.0.16)
      ast
      parser (>= 2.6.4.0)
      sorbet-runtime (>= 0.5.9204)
      unparser
    rspec (3.12.0)
      rspec-core (~> 3.12.0)
      rspec-expectations (~> 3.12.0)
      rspec-mocks (~> 3.12.0)
    rspec-core (3.12.0)
      rspec-support (~> 3.12.0)
    rspec-expectations (3.12.2)
      diff-lcs (>= 1.2.0, < 2.0)
      rspec-support (~> 3.12.0)
    rspec-mocks (3.12.3)
      diff-lcs (>= 1.2.0, < 2.0)
      rspec-support (~> 3.12.0)
    rspec-support (3.12.0)
    sorbet (0.5.10647)
      sorbet-static (= 0.5.10647)
    sorbet-runtime (0.5.10647)
    sorbet-static (0.5.10647-universal-darwin-14)
    sorbet-static (0.5.10647-universal-darwin-15)
    sorbet-static (0.5.10647-universal-darwin-16)
    sorbet-static (0.5.10647-universal-darwin-17)
    sorbet-static (0.5.10647-universal-darwin-18)
    sorbet-static (0.5.10647-universal-darwin-19)
    sorbet-static (0.5.10647-universal-darwin-20)
    sorbet-static (0.5.10647-universal-darwin-21)
    sorbet-static (0.5.10647-universal-darwin-22)
    sorbet-static (0.5.10647-x86_64-linux)
    sorbet-static-and-runtime (0.5.10647)
      sorbet (= 0.5.10647)
      sorbet-runtime (= 0.5.10647)
    spoom (1.1.15)
      sorbet (>= 0.5.10187)
      sorbet-runtime (>= 0.5.9204)
      thor (>= 0.19.2)
    tapioca (0.10.5)
      bundler (>= 1.17.3)
      netrc (>= 0.11.0)
      parallel (>= 1.21.0)
      rbi (~> 0.0.0, >= 0.0.16)
      sorbet-static-and-runtime (>= 0.5.10187)
      spoom (~> 1.1.0, >= 1.1.11)
      thor (>= 1.2.0)
      yard-sorbet
    thor (1.2.1)
    tzinfo (2.0.6)
      concurrent-ruby (~> 1.0)
    unparser (0.6.7)
      diff-lcs (~> 1.3)
      parser (>= 3.2.0)
    validated_object (2.2.0)
      activemodel (>= 3.2.21)
      sorbet-runtime (>= 0.5.5890)
    webrick (1.7.0)
    yard (0.9.28)
      webrick (~> 1.7.0)
    yard-sorbet (0.8.0)
      sorbet-runtime (>= 0.5)
      yard (>= 0.9)

PLATFORMS
  ruby

DEPENDENCIES
  bundler (~> 2)
  rake (>= 12.3.3)
  rspec (~> 3.0)
  schema_dot_org!
  sorbet (>= 0.5.5890)
  tapioca

BUNDLED WITH
   2.2.15
